PATH
  remote: .
  specs:
    activeadmin-settings (0.3.1)
      activeadmin (>= 1.0.0.pre)
      aws-s3 (~> 0.6.3)
      bson_ext (~> 1.8.2)
      carrierwave (~> 0.8.0)
      devise (~> 3.4.1)
      fog (>= 0.9.0)
      mini_magick (>= 3.4, < 5.0)

GEM
  remote: https://rubygems.org/
  specs:
    CFPropertyList (2.3.6)
    actionpack (4.2.11.1)
      actionview (= 4.2.11.1)
      activesupport (= 4.2.11.1)
      rack (~> 1.6)
      rack-test (~> 0.6.2)
      rails-dom-testing (~> 1.0, >= 1.0.5)
      rails-html-sanitizer (~> 1.0, >= 1.0.2)
    actionview (4.2.11.1)
      activesupport (= 4.2.11.1)
      builder (~> 3.1)
      erubis (~> 2.7.0)
      rails-dom-testing (~> 1.0, >= 1.0.5)
      rails-html-sanitizer (~> 1.0, >= 1.0.3)
    activeadmin (1.4.3)
      arbre (>= 1.1.1)
      coffee-rails
      formtastic (~> 3.1)
      formtastic_i18n
      inherited_resources (>= 1.9.0)
      jquery-rails (>= 4.2.0)
      kaminari (>= 0.15)
      railties (>= 4.2, < 5.3)
      ransack (>= 1.8.7)
      sass (~> 3.1)
      sprockets (< 4.1)
    activemodel (4.2.11.1)
      activesupport (= 4.2.11.1)
      builder (~> 3.1)
    activerecord (4.2.11.1)
      activemodel (= 4.2.11.1)
      activesupport (= 4.2.11.1)
      arel (~> 6.0)
    activesupport (4.2.11.1)
      i18n (~> 0.7)
      minitest (~> 5.1)
      thread_safe (~> 0.3, >= 0.3.4)
      tzinfo (~> 1.1)
    addressable (2.7.0)
      public_suffix (>= 2.0.2, < 5.0)
    arbre (1.2.1)
      activesupport (>= 3.0.0)
    arel (6.0.4)
    aws-s3 (0.6.3)
      builder
      mime-types
      xml-simple
    bcrypt (3.1.13)
    bson (1.8.6)
    bson_ext (1.8.6)
      bson (~> 1.8.6)
    builder (3.2.3)
    carrierwave (0.8.0)
      activemodel (>= 3.2.0)
      activesupport (>= 3.2.0)
    coffee-rails (4.2.2)
      coffee-script (>= 2.2.0)
      railties (>= 4.0.0)
    coffee-script (2.4.1)
      coffee-script-source
      execjs
    coffee-script-source (1.12.2)
    concurrent-ruby (1.1.5)
    crass (1.0.5)
    declarative (0.0.10)
    declarative-option (0.1.0)
    devise (3.4.1)
      bcrypt (~> 3.0)
      orm_adapter (~> 0.1)
      railties (>= 3.2.6, < 5)
      responders
      thread_safe (~> 0.1)
      warden (~> 1.2.3)
    domain_name (0.5.20190701)
      unf (>= 0.0.5, < 1.0.0)
    dry-inflector (0.2.0)
    erubis (2.7.0)
    excon (0.68.0)
    execjs (2.7.0)
    faraday (0.17.0)
      multipart-post (>= 1.2, < 3)
    ffi (1.11.2)
    fission (0.5.0)
      CFPropertyList (~> 2.2)
    fog (2.2.0)
      fog-aliyun (>= 0.1.0)
      fog-atmos
      fog-aws (>= 0.6.0)
      fog-brightbox (~> 0.4)
      fog-cloudatcost (~> 0.4)
      fog-cloudstack (~> 0.1.0)
      fog-core (~> 2.1)
      fog-digitalocean (>= 0.3.0)
      fog-dnsimple (~> 2.1)
      fog-dynect (~> 0.0.2)
      fog-ecloud (~> 0.1)
      fog-google (~> 1.0)
      fog-internet-archive
      fog-json
      fog-local
      fog-openstack
      fog-ovirt
      fog-powerdns (>= 0.1.1)
      fog-profitbricks
      fog-rackspace
      fog-radosgw (>= 0.0.2)
      fog-riakcs
      fog-sakuracloud (>= 0.0.4)
      fog-serverlove
      fog-softlayer
      fog-storm_on_demand
      fog-terremark
      fog-vmfusion
      fog-voxel
      fog-vsphere (>= 0.4.0)
      fog-xenserver
      fog-xml (~> 0.1.1)
      ipaddress (~> 0.5)
      json (~> 2.0)
    fog-aliyun (0.3.5)
      fog-core
      fog-json
      ipaddress (~> 0.8)
      xml-simple (~> 1.1)
    fog-atmos (0.1.0)
      fog-core
      fog-xml
    fog-aws (3.5.2)
      fog-core (~> 2.1)
      fog-json (~> 1.1)
      fog-xml (~> 0.1)
      ipaddress (~> 0.8)
    fog-brightbox (0.16.1)
      dry-inflector
      fog-core
      fog-json
      mime-types
    fog-cloudatcost (0.4.0)
      fog-core
      fog-json
      ipaddress
    fog-cloudstack (0.1.0)
      fog-core (~> 2.1)
      fog-json (~> 1.1)
      fog-xml (~> 0.1)
    fog-core (2.1.0)
      builder
      excon (~> 0.58)
      formatador (~> 0.2)
      mime-types
    fog-digitalocean (0.4.0)
      fog-core
      fog-json
      fog-xml
      ipaddress (>= 0.5)
    fog-dnsimple (2.1.0)
      fog-core (>= 1.38, < 3)
      fog-json
    fog-dynect (0.0.3)
      fog-core
      fog-json
      fog-xml
    fog-ecloud (0.3.0)
      fog-core
      fog-xml
    fog-google (1.9.1)
      fog-core (<= 2.1.0)
      fog-json (~> 1.2)
      fog-xml (~> 0.1.0)
      google-api-client (~> 0.23.0)
    fog-internet-archive (0.0.1)
      fog-core
      fog-json
      fog-xml
    fog-json (1.2.0)
      fog-core
      multi_json (~> 1.10)
    fog-local (0.6.0)
      fog-core (>= 1.27, < 3.0)
    fog-openstack (1.0.10)
      fog-core (~> 2.1)
      fog-json (>= 1.0)
      ipaddress (>= 0.8)
    fog-ovirt (1.2.2)
      fog-core
      fog-json
      fog-xml
      ovirt-engine-sdk (>= 4.1.3)
      rbovirt (~> 0.1.5)
    fog-powerdns (0.2.0)
      fog-core
      fog-json
      fog-xml
    fog-profitbricks (0.0.5)
      fog-core
      fog-xml
      nokogiri
    fog-rackspace (0.1.6)
      fog-core (>= 1.35)
      fog-json (>= 1.0)
      fog-xml (>= 0.1)
      ipaddress (>= 0.8)
    fog-radosgw (0.0.5)
      fog-core (>= 1.21.0)
      fog-json
      fog-xml (>= 0.0.1)
    fog-riakcs (0.1.0)
      fog-core
      fog-json
      fog-xml
    fog-sakuracloud (1.7.5)
      fog-core
      fog-json
    fog-serverlove (0.1.2)
      fog-core
      fog-json
    fog-softlayer (1.1.4)
      fog-core
      fog-json
    fog-storm_on_demand (0.1.1)
      fog-core
      fog-json
    fog-terremark (0.1.0)
      fog-core
      fog-xml
    fog-vmfusion (0.1.0)
      fission
      fog-core
    fog-voxel (0.1.0)
      fog-core
      fog-xml
    fog-vsphere (3.2.1)
      fog-core
      rbvmomi (>= 1.9, < 3)
    fog-xenserver (1.0.0)
      fog-core
      fog-xml
      xmlrpc
    fog-xml (0.1.3)
      fog-core
      nokogiri (>= 1.5.11, < 2.0.0)
    formatador (0.2.5)
    formtastic (3.1.5)
      actionpack (>= 3.2.13)
    formtastic_i18n (0.6.0)
    google-api-client (0.23.9)
      addressable (~> 2.5, >= 2.5.1)
      googleauth (>= 0.5, < 0.7.0)
      httpclient (>= 2.8.1, < 3.0)
      mime-types (~> 3.0)
      representable (~> 3.0)
      retriable (>= 2.0, < 4.0)
      signet (~> 0.9)
    googleauth (0.6.7)
      faraday (~> 0.12)
      jwt (>= 1.4, < 3.0)
      memoist (~> 0.16)
      multi_json (~> 1.11)
      os (>= 0.9, < 2.0)
      signet (~> 0.7)
    has_scope (0.7.2)
      actionpack (>= 4.1)
      activesupport (>= 4.1)
    http-accept (1.7.0)
    http-cookie (1.0.3)
      domain_name (~> 0.5)
    httpclient (2.8.3)
    i18n (0.9.5)
      concurrent-ruby (~> 1.0)
    inherited_resources (1.9.0)
      actionpack (>= 4.2, < 5.3)
      has_scope (~> 0.6)
      railties (>= 4.2, < 5.3)
      responders
    ipaddress (0.8.3)
    jquery-rails (4.3.5)
      rails-dom-testing (>= 1, < 3)
      railties (>= 4.2.0)
      thor (>= 0.14, < 2.0)
    json (2.2.0)
    jwt (2.2.1)
    kaminari (1.1.1)
      activesupport (>= 4.1.0)
      kaminari-actionview (= 1.1.1)
      kaminari-activerecord (= 1.1.1)
      kaminari-core (= 1.1.1)
    kaminari-actionview (1.1.1)
      actionview
      kaminari-core (= 1.1.1)
    kaminari-activerecord (1.1.1)
      activerecord
      kaminari-core (= 1.1.1)
    kaminari-core (1.1.1)
    loofah (2.3.1)
      crass (~> 1.0.2)
      nokogiri (>= 1.5.9)
    memoist (0.16.1)
    mime-types (3.3)
      mime-types-data (~> 3.2015)
    mime-types-data (3.2019.1009)
    mini_magick (4.9.5)
    mini_portile2 (2.4.0)
    minitest (5.13.0)
    multi_json (1.14.1)
    multipart-post (2.1.1)
    netrc (0.11.0)
    nokogiri (1.10.5)
      mini_portile2 (~> 2.4.0)
    optimist (3.0.0)
    orm_adapter (0.5.0)
    os (1.0.1)
    ovirt-engine-sdk (4.3.0)
      json (>= 1, < 3)
    public_suffix (4.0.1)
    rack (1.6.11)
    rack-test (0.6.3)
      rack (>= 1.0)
    rails-deprecated_sanitizer (1.0.3)
      activesupport (>= 4.2.0.alpha)
    rails-dom-testing (1.0.9)
      activesupport (>= 4.2.0, < 5.0)
      nokogiri (~> 1.6)
      rails-deprecated_sanitizer (>= 1.0.1)
    rails-html-sanitizer (1.3.0)
      loofah (~> 2.3)
    railties (4.2.11.1)
      actionpack (= 4.2.11.1)
      activesupport (= 4.2.11.1)
      rake (>= 0.8.7)
      thor (>= 0.18.1, < 2.0)
    rake (13.0.1)
    ransack (1.8.10)
      actionpack (>= 3.0, < 5.2)
      activerecord (>= 3.0, < 5.2)
      activesupport (>= 3.0, < 5.2)
      i18n
    rb-fsevent (0.10.3)
    rb-inotify (0.10.0)
      ffi (~> 1.0)
    rbovirt (0.1.7)
      nokogiri
      rest-client (> 1.7.0)
    rbvmomi (2.2.0)
      builder (~> 3.0)
      json (>= 1.8)
      nokogiri (~> 1.5)
      optimist (~> 3.0)
    representable (3.0.4)
      declarative (< 0.1.0)
      declarative-option (< 0.2.0)
      uber (< 0.2.0)
    responders (2.4.1)
      actionpack (>= 4.2.0, < 6.0)
      railties (>= 4.2.0, < 6.0)
    rest-client (2.1.0)
      http-accept (>= 1.7.0, < 2.0)
      http-cookie (>= 1.0.2, < 2.0)
      mime-types (>= 1.16, < 4.0)
      netrc (~> 0.8)
    retriable (3.1.2)
    sass (3.7.4)
      sass-listen (~> 4.0.0)
    sass-listen (4.0.0)
      rb-fsevent (~> 0.9, >= 0.9.4)
      rb-inotify (~> 0.9, >= 0.9.7)
    signet (0.12.0)
      addressable (~> 2.3)
      faraday (~> 0.9)
      jwt (>= 1.5, < 3.0)
      multi_json (~> 1.10)
    sprockets (4.0.0)
      concurrent-ruby (~> 1.0)
      rack (> 1, < 3)
    thor (0.20.3)
    thread_safe (0.3.6)
    tzinfo (1.2.5)
      thread_safe (~> 0.1)
    uber (0.1.0)
    unf (0.1.4)
      unf_ext
    unf_ext (0.0.7.6)
    warden (1.2.7)
      rack (>= 1.0)
    xml-simple (1.1.5)
    xmlrpc (0.3.0)

PLATFORMS
  ruby

DEPENDENCIES
  activeadmin-settings!
